GEM
  remote: https://rubygems.org/
  specs:
    flog (4.1.1)
      ruby_parser (~> 3.1, > 3.1.0)
      sexp_processor (~> 4.0)
    mixlib-cli (1.3.0)
    rack (1.5.2)
    rack-protection (1.5.1)
      rack
    ruby_parser (3.2.1)
      sexp_processor (~> 4.1)
    sandi_meter (1.0.3)
      mixlib-cli
    sexp_processor (4.2.1)
    sinatra (1.4.4)
      rack (~> 1.4)
      rack-protection (~> 1.4)
      tilt (~> 1.3, >= 1.3.4)
    tilt (1.4.1)

PLATFORMS
  ruby

DEPENDENCIES
  flog
  sandi_meter
  sinatra
